GIT
  remote: git://github.com/ncbo/resource_index.git
  revision: 87f34062d236c87ea4ba7e0035a1e0726ac83abb
  specs:
    ncbo_resource_index (0.0.1)
      elasticsearch (= 2.0.0)
      mysql2
      pony
      ref
      ruby-xxHash
      sequel
      typhoeus

GIT
  remote: git://github.com/ncbo/sparql-client.git
  revision: 135974d6ae369186f1fc9bdeed018e734a6d40b2
  branch: master
  specs:
    sparql-client (1.0.4.1)
      json_pure (>= 1.4)
      net-http-persistent (= 2.9.4)
      rdf (>= 1.0)

GIT
  remote: git://github.com/sifrproject/goo.git
  revision: 9a2fe3146f660e5a9eae7e8cddc46fe059fc4253
  branch: lirmm
  specs:
    goo (0.0.2)
      addressable (= 2.3.5)
      pry
      rdf (= 1.0.8)
      redis
      rest-client
      rsolr
      sparql-client
      systemu
      uuid

GIT
  remote: git://github.com/sifrproject/ncbo_annotator.git
  revision: 0a85482fe6b845dd64c21adde4ef238a94512aef
  branch: lirmm
  specs:
    ncbo_annotator (0.0.1)
      goo
      ontologies_linked_data
      redis
      ruby-xxHash

GIT
  remote: git://github.com/sifrproject/ontologies_linked_data.git
  revision: f0b80324f9717ba8658d3e4f2e4a1f3028862ec6
  branch: lirmm
  specs:
    ontologies_linked_data (0.0.1)
      activesupport
      bcrypt
      goo
      json
      libxml-ruby
      multi_json
      ncbo_resource_index
      oj
      omni_logger
      pony
      rack
      rack-test
      rsolr
      rubyzip

PATH
  remote: .
  specs:
    ncbo_cron (0.0.1)
      dante
      goo
      google-api-client
      mlanett-redis-lock
      multi_json
      ncbo_annotator
      ontologies_linked_data
      redis
      rufus-scheduler (~> 2.0.24)

GEM
  remote: https://rubygems.org/
  specs:
    activesupport (4.0.13)
      i18n (~> 0.6, >= 0.6.9)
      minitest (~> 4.2)
      multi_json (~> 1.3)
      thread_safe (~> 0.1)
      tzinfo (~> 0.3.37)
    addressable (2.3.5)
    autoparse (0.3.3)
      addressable (>= 2.3.1)
      extlib (>= 0.9.15)
      multi_json (>= 1.0.0)
    bcrypt (3.1.11)
    builder (3.2.3)
    coderay (1.1.1)
    cube-ruby (0.0.3)
    dante (0.2.0)
    domain_name (0.5.20170404)
      unf (>= 0.0.5, < 1.0.0)
    elasticsearch (2.0.0)
      elasticsearch-api (= 2.0.0)
      elasticsearch-transport (= 2.0.0)
    elasticsearch-api (2.0.0)
      multi_json
    elasticsearch-transport (2.0.0)
      faraday
      multi_json
    email_spec (2.1.0)
      htmlentities (~> 4.3.3)
      launchy (~> 2.1)
      mail (~> 2.6.3)
    ethon (0.10.1)
      ffi (>= 1.3.0)
    extlib (0.9.16)
    faraday (0.12.1)
      multipart-post (>= 1.2, < 3)
    ffi (1.9.18)
    google-api-client (0.8.7)
      activesupport (>= 3.2, < 5.0)
      addressable (~> 2.3)
      autoparse (~> 0.3)
      extlib (~> 0.9)
      faraday (~> 0.9)
      googleauth (~> 0.3)
      launchy (~> 2.4)
      multi_json (~> 1.10)
      retriable (~> 1.4)
      signet (~> 0.6)
    googleauth (0.5.1)
      faraday (~> 0.9)
      jwt (~> 1.4)
      logging (~> 2.0)
      memoist (~> 0.12)
      multi_json (~> 1.11)
      os (~> 0.9)
      signet (~> 0.7)
    htmlentities (4.3.4)
    http-cookie (1.0.3)
      domain_name (~> 0.5)
    i18n (0.8.1)
    json (2.1.0)
    json_pure (2.1.0)
    jwt (1.5.6)
    launchy (2.4.3)
      addressable (~> 2.3)
    libxml-ruby (3.0.0)
    little-plugger (1.1.4)
    logger (1.4.2)
    logging (2.2.2)
      little-plugger (~> 1.1)
      multi_json (~> 1.10)
    macaddr (1.7.1)
      systemu (~> 2.6.2)
    mail (2.6.5)
      mime-types (>= 1.16, < 4)
    memoist (0.15.0)
    method_source (0.8.2)
    mime-types (3.1)
      mime-types-data (~> 3.2015)
    mime-types-data (3.2016.0521)
    minitest (4.7.5)
    mlanett-redis-lock (0.2.7)
      redis
    multi_json (1.12.1)
    multipart-post (2.0.0)
    mysql2 (0.4.6)
    net-http-persistent (2.9.4)
    netrc (0.11.0)
    oj (3.0.7)
    omni_logger (0.1.4)
      logger
    os (0.9.6)
    pony (1.11)
      mail (>= 2.0)
    pry (0.10.4)
      coderay (~> 1.1.0)
      method_source (~> 0.8.1)
      slop (~> 3.4)
    rack (2.0.3)
    rack-test (0.6.3)
      rack (>= 1.0)
    rake (12.0.0)
    rdf (1.0.8)
      addressable (>= 2.2)
    redis (3.3.3)
    ref (2.0.0)
    rest-client (2.0.2)
      http-cookie (>= 1.0.2, < 2.0)
      mime-types (>= 1.16, < 4.0)
      netrc (~> 0.8)
    retriable (1.4.1)
    rsolr (2.0.2)
      builder (>= 2.1.2)
      faraday
    ruby-xxHash (0.4.0.1)
    rubyzip (1.2.1)
    rufus-scheduler (2.0.24)
      tzinfo (>= 0.3.22)
    sequel (4.46.0)
    signet (0.7.3)
      addressable (~> 2.3)
      faraday (~> 0.9)
      jwt (~> 1.5)
      multi_json (~> 1.10)
    slop (3.6.0)
    sys-proctable (1.1.4)
    systemu (2.6.5)
    test-unit-minitest (0.9.1)
      minitest (~> 4.7)
    thread_safe (0.3.6)
    typhoeus (1.1.2)
      ethon (>= 0.9.0)
    tzinfo (0.3.53)
    unf (0.1.4)
      unf_ext
    unf_ext (0.0.7.4)
    uuid (2.3.8)
      macaddr (~> 1.0)

PLATFORMS
  ruby

DEPENDENCIES
  cube-ruby
  email_spec
  goo!
  google-api-client (< 0.9)
  minitest (< 5.0)
  multi_json
  ncbo_annotator!
  ncbo_cron!
  ncbo_resource_index!
  oj
  ontologies_linked_data!
  pony
  pry
  rake
  redis
  sparql-client!
  sys-proctable
  test-unit-minitest

BUNDLED WITH
   1.14.6
